PATH
  remote: .
  specs:
    flung (1.0.0)

GEM
  remote: https://rubygems.org/
  specs:
    minitest (5.11.3)
    rake (10.5.0)

DEPENDENCIES
  bundler (~> 1.16)
  flung!
  minitest (~> 5.0)
  rake (~> 10.0)

BUNDLED WITH
   1.16.1
